PATH
  remote: .
  specs:
    ougai (2.0.0)
      oj (~> 3.10)

GEM
  remote: https://rubygems.org/
  specs:
    amazing_print (1.0.0)
    diff-lcs (1.3)
    docile (1.3.2)
    json (2.3.0)
    json (2.3.0-java)
    oj (3.10.6)
    rake (13.0.1)
    rspec (3.9.0)
      rspec-core (~> 3.9.0)
      rspec-expectations (~> 3.9.0)
      rspec-mocks (~> 3.9.0)
    rspec-core (3.9.1)
      rspec-support (~> 3.9.1)
    rspec-expectations (3.9.0)
      diff-lcs (>= 1.2.0, < 2.0)
      rspec-support (~> 3.9.0)
    rspec-mocks (3.9.1)
      diff-lcs (>= 1.2.0, < 2.0)
      rspec-support (~> 3.9.0)
    rspec-support (3.9.2)
    simplecov (0.17.1)
      docile (~> 1.1)
      json (>= 1.8, < 3)
      simplecov-html (~> 0.10.0)
    simplecov-html (0.10.2)
    timecop (0.9.1)
    yard (0.9.24)

PLATFORMS
  java
  ruby

DEPENDENCIES
  amazing_print
  bundler (>= 2.1.4)
  ougai!
  rake (>= 13.0.1)
  rspec (>= 3.9.0)
  simplecov (< 0.18)
  timecop
  yard

BUNDLED WITH
   2.1.4
